GEM
  remote: http://rubygems.org/
  specs:
    coderay (0.9.8)
    gosu (0.7.41)
    method_source (0.6.7)
      ruby_parser (>= 2.3.1)
    pry (0.9.7.4)
      coderay (~> 0.9.8)
      method_source (~> 0.6.7)
      ruby_parser (>= 2.3.1)
      slop (~> 2.1.0)
    ruby_parser (2.3.1)
      sexp_processor (~> 3.0)
    sexp_processor (3.0.4)
    slop (2.1.0)

PLATFORMS
  ruby

DEPENDENCIES
  gosu
  pry
