GIT
  remote: git://github.com/pry/pry.git
  revision: 36d685f71fd67ed47c079ce9b5fe0cf8ea75ab87
  specs:
    pry (0.9.8.0pre1)
      coderay (~> 0.9)
      method_source (~> 0.6)
      slop (< 3, >= 2.4.1)

GEM
  remote: http://rubygems.org/
  specs:
    coderay (0.9.8)
    gosu (0.7.41)
    method_source (0.6.7)
      ruby_parser (>= 2.3.1)
    ruby_parser (2.3.1)
      sexp_processor (~> 3.0)
    sexp_processor (3.0.9)
    slop (2.4.2)

PLATFORMS
  ruby

DEPENDENCIES
  gosu
  pry!
